PATH
  remote: .
  specs:
    enigma (1.0.0)
      slop

GEM
  remote: https://rubygems.org/
  specs:
    coveralls (0.8.15)
      json (>= 1.8, < 3)
      simplecov (~> 0.12.0)
      term-ansicolor (~> 1.3)
      thor (~> 0.19.1)
      tins (>= 1.6.0, < 2)
    diff-lcs (1.2.5)
    docile (1.1.5)
    json (2.0.2)
    rake (11.3.0)
    rspec (3.5.0)
      rspec-core (~> 3.5.0)
      rspec-expectations (~> 3.5.0)
      rspec-mocks (~> 3.5.0)
    rspec-core (3.5.3)
      rspec-support (~> 3.5.0)
    rspec-expectations (3.5.0)
      diff-lcs (>= 1.2.0, < 2.0)
      rspec-support (~> 3.5.0)
    rspec-mocks (3.5.0)
      diff-lcs (>= 1.2.0, < 2.0)
      rspec-support (~> 3.5.0)
    rspec-support (3.5.0)
    simplecov (0.12.0)
      docile (~> 1.1.0)
      json (>= 1.8, < 3)
      simplecov-html (~> 0.10.0)
    simplecov-html (0.10.0)
    slop (4.4.1)
    term-ansicolor (1.4.0)
      tins (~> 1.0)
    thor (0.19.1)
    tins (1.12.0)

PLATFORMS
  ruby

DEPENDENCIES
  bundler
  coveralls
  enigma!
  rake
  rspec

BUNDLED WITH
   1.13.1
